PATH
  remote: .
  specs:
    wookie_connector (0.0.1)

GEM
  remote: http://rubygems.org/
  specs:

PLATFORMS
  ruby

DEPENDENCIES
  wookie_connector!
